PATH
  remote: .
  specs:
    deltacloud-core (0.4.0)
      aws (>= 2.5.4)
      cloudfiles
      cloudservers
      excon
      fog
      haml (>= 2.2.17)
      json (>= 1.1.9)
      net-ssh (>= 2.0.0)
      nokogiri (>= 1.4.3)
      rack (>= 1.0.0)
      rack-accept
      rake (>= 0.8.7)
      rest-client
      sinatra (>= 0.9.4)
      thin (>= 1.2.5)
      waz-storage (>= 1.1.0)

GEM
  remote: http://rubygems.org/
  specs:
    addressable (2.2.6)
    archive-tar-minitar (0.5.2)
    aws (2.5.6)
      http_connection
      uuidtools
      xml-simple
    builder (3.0.0)
    chunky_png (1.2.1)
    ci_reporter (1.6.5)
      builder (>= 2.1.2)
    cloudfiles (1.4.17)
      mime-types (>= 1.16)
    cloudservers (0.4.1)
      json
    columnize (0.3.4)
    compass (0.11.5)
      chunky_png (~> 1.2)
      fssm (>= 0.2.7)
      sass (~> 3.1)
    crack (0.1.8)
    cucumber (1.0.2)
      builder (>= 2.1.2)
      diff-lcs (>= 1.1.2)
      gherkin (~> 2.4.5)
      json (>= 1.4.6)
      term-ansicolor (>= 1.0.5)
    daemons (1.1.4)
    diff-lcs (1.1.3)
    eventmachine (0.12.10)
    excon (0.6.6)
    fog (0.9.0)
      builder
      excon (~> 0.6.1)
      formatador (>= 0.1.3)
      json
      mime-types
      net-scp (>= 1.0.4)
      net-ssh (>= 2.1.4)
      nokogiri (>= 1.4.4)
      ruby-hmac
    formatador (0.2.1)
    fssm (0.2.7)
    gherkin (2.4.16)
      json (>= 1.4.6)
    haml (3.1.3)
    http_connection (1.4.1)
    json (1.5.4)
    linecache (0.45)
    linecache19 (0.5.12)
      ruby_core_source (>= 0.1.4)
    mime-types (1.16)
    net-scp (1.0.4)
      net-ssh (>= 1.99.1)
    net-ssh (2.2.1)
    nokogiri (1.5.0)
    rack (1.2.0)
    rack-accept (0.4.4)
      rack (>= 0.4)
    rack-test (0.6.1)
      rack (>= 1.0)
    rake (0.9.2)
    rcov (0.9.10)
    rest-client (1.6.7)
      mime-types (>= 1.16)
    rspec (1.3.0)
    ruby-debug (0.10.4)
      columnize (>= 0.1)
      ruby-debug-base (~> 0.10.4.0)
    ruby-debug-base (0.10.4)
      linecache (>= 0.3)
    ruby-debug-base19 (0.11.25)
      columnize (>= 0.3.1)
      linecache19 (>= 0.5.11)
      ruby_core_source (>= 0.1.4)
    ruby-debug19 (0.11.6)
      columnize (>= 0.3.1)
      linecache19 (>= 0.5.11)
      ruby-debug-base19 (>= 0.11.19)
    ruby-hmac (0.4.0)
    ruby_core_source (0.1.5)
      archive-tar-minitar (>= 0.5.2)
    sass (3.1.7)
    sinatra (1.2.6)
      rack (~> 1.1)
      tilt (>= 1.2.2, < 2.0)
    term-ansicolor (1.0.6)
    thin (1.2.11)
      daemons (>= 1.0.9)
      eventmachine (>= 0.12.6)
      rack (>= 1.0.0)
    tilt (1.3.3)
    uuidtools (2.1.2)
    vcr (1.11.3)
    waz-storage (1.1.0)
      rest-client
      ruby-hmac
    webmock (1.7.5)
      addressable (~> 2.2, > 2.2.5)
      crack (>= 0.1.7)
    xml-simple (1.1.0)

PLATFORMS
  ruby

DEPENDENCIES
  ci_reporter
  compass (>= 0.8.17)
  cucumber (>= 0.6.3)
  deltacloud-core!
  rack-test (>= 0.5.3)
  rcov (>= 0.9.8)
  rspec (< 2.0.0)
  ruby-debug
  ruby-debug19
  vcr
  webmock
