GEM
  remote: http://rubygems.org/
  specs:
    addressable (2.2.6)
    archive-tar-minitar (0.5.2)
    aws (2.5.3)
      http_connection
      uuidtools
      xml-simple
    builder (2.1.2)
    ci_reporter (1.6.4)
      builder (>= 2.1.2)
    cloudfiles (1.4.16)
      mime-types (>= 1.16)
    cloudservers (0.4.1)
      json
    columnize (0.3.1)
    compass (0.10.5)
      haml (>= 3.0.4)
    crack (0.1.8)
    cucumber (0.9.2)
      builder (~> 2.1.2)
      diff-lcs (~> 1.1.2)
      gherkin (~> 2.2.5)
      json (~> 1.4.6)
      term-ansicolor (~> 1.0.5)
    daemons (1.1.0)
    diff-lcs (1.1.2)
    eventmachine (0.12.10)
    excon (0.2.3)
    fog (0.3.7)
      builder
      excon (>= 0.2.3)
      formatador (>= 0.0.15)
      json
      mime-types
      net-ssh (~> 2.0.23)
      nokogiri (~> 1.4.3.1)
      ruby-hmac
    formatador (0.0.15)
    gherkin (2.2.8)
      json (~> 1.4.6)
      term-ansicolor (~> 1.0.5)
    haml (3.0.21)
    http_connection (1.4.1)
    json (1.4.6)
    linecache (0.43)
    linecache19 (0.5.11)
      ruby_core_source (>= 0.1.4)
    mime-types (1.16)
    net-ssh (2.0.23)
    nokogiri (1.4.3.1)
    rack (1.2.1)
    rack-accept (0.4.3)
      rack (>= 0.4)
    rack-test (0.5.6)
      rack (>= 1.0)
    rake (0.8.7)
    rcov (0.9.9)
    rest-client (1.6.1)
      mime-types (>= 1.16)
    rspec (1.3.0)
    ruby-debug (0.10.3)
      columnize (>= 0.1)
      ruby-debug-base (~> 0.10.3.0)
    ruby-debug-base (0.10.3)
      linecache (>= 0.3)
    ruby-debug-base19 (0.11.24)
      columnize (>= 0.3.1)
      linecache19 (>= 0.5.11)
      ruby_core_source (>= 0.1.4)
    ruby-debug19 (0.11.6)
      columnize (>= 0.3.1)
      linecache19 (>= 0.5.11)
      ruby-debug-base19 (>= 0.11.19)
    ruby-hmac (0.4.0)
    ruby_core_source (0.1.4)
      archive-tar-minitar (>= 0.5.2)
    sinatra (1.0)
      rack (>= 1.0)
    term-ansicolor (1.0.5)
    thin (1.2.7)
      daemons (>= 1.0.9)
      eventmachine (>= 0.12.6)
      rack (>= 1.0.0)
    uuidtools (2.1.2)
    vcr (1.10.0)
    waz-blobs (0.1.1)
      rest-client (>= 1.0.3)
      ruby-hmac
    webmock (1.6.4)
      addressable (~> 2.2, > 2.2.5)
      crack (>= 0.1.7)
    xml-simple (1.0.15)

PLATFORMS
  ruby

DEPENDENCIES
  aws
  ci_reporter
  cloudfiles
  cloudservers
  compass
  cucumber
  excon
  fog
  haml
  json
  net-ssh
  nokogiri
  rack
  rack-accept
  rack-test
  rake
  rcov
  rest-client
  rspec (< 2.0.0)
  ruby-debug
  ruby-debug19
  sinatra
  thin
  vcr
  waz-blobs
  webmock
